PATH
  remote: .
  specs:
    libev_scheduler (0.1)

GEM
  remote: https://rubygems.org/
  specs:
    ansi (1.5.0)
    builder (3.2.4)
    minitest (5.14.2)
    minitest-reporters (1.4.2)
      ansi
      builder
      minitest (>= 5.0)
      ruby-progressbar
    rake (13.0.3)
    rake-compiler (1.1.1)
      rake
    ruby-progressbar (1.11.0)

PLATFORMS
  x86_64-linux

DEPENDENCIES
  libev_scheduler!
  minitest (= 5.14.2)
  minitest-reporters (= 1.4.2)
  rake-compiler (= 1.1.1)

BUNDLED WITH
   2.2.3
