PATH
  remote: .
  specs:
    libev_scheduler (0.2)

GEM
  remote: https://rubygems.org/
  specs:
    minitest (5.16.1)
    rake (13.0.6)
    rake-compiler (1.1.1)
      rake

PLATFORMS
  x86_64-linux

DEPENDENCIES
  libev_scheduler!
  minitest (= 5.16.1)
  rake-compiler (= 1.1.1)

BUNDLED WITH
   2.3.3
