PATH
  remote: .
  specs:
    libev_scheduler (0.1)

GEM
  remote: https://rubygems.org/
  specs:
    rake (13.0.3)
    rake-compiler (1.1.1)
      rake

PLATFORMS
  x86_64-linux

DEPENDENCIES
  libev_scheduler!
  rake-compiler (= 1.1.1)

BUNDLED WITH
   2.2.3
